PATH
  remote: .
  specs:
    cocoapods-mapfile (0.2.7.2)
      claide (>= 1.0.2, < 2.0)
      hashtable (>= 0.0.3)
      xcodeproj (>= 1.19.0, < 2.0)
      yaml-vfs (>= 0.0.4)

GEM
  remote: https://rubygems.org/
  specs:
    CFPropertyList (3.0.5)
      rexml
    atomos (0.1.3)
    claide (1.1.0)
    colored2 (3.1.2)
    coveralls (0.8.23)
      json (>= 1.8, < 3)
      simplecov (~> 0.16.1)
      term-ansicolor (~> 1.3)
      thor (>= 0.19.4, < 2.0)
      tins (~> 1.6)
    debase (0.2.4.1)
      debase-ruby_core_source (>= 0.10.2)
    debase-ruby_core_source (0.10.16)
    diff-lcs (1.5.0)
    docile (1.4.0)
    hashtable (0.1.4)
    json (2.6.2)
    nanaimo (0.3.0)
    rake (13.0.6)
    rexml (3.2.5)
    rspec (3.11.0)
      rspec-core (~> 3.11.0)
      rspec-expectations (~> 3.11.0)
      rspec-mocks (~> 3.11.0)
    rspec-core (3.11.0)
      rspec-support (~> 3.11.0)
    rspec-expectations (3.11.0)
      diff-lcs (>= 1.2.0, < 2.0)
      rspec-support (~> 3.11.0)
    rspec-mocks (3.11.1)
      diff-lcs (>= 1.2.0, < 2.0)
      rspec-support (~> 3.11.0)
    rspec-support (3.11.0)
    ruby-debug-ide (0.7.3)
      rake (>= 0.8.1)
    simplecov (0.16.1)
      docile (~> 1.1)
      json (>= 1.8, < 3)
      simplecov-html (~> 0.10.0)
    simplecov-html (0.10.2)
    sync (0.5.0)
    term-ansicolor (1.7.1)
      tins (~> 1.0)
    thor (1.2.1)
    tins (1.31.1)
      sync
    xcodeproj (1.21.0)
      CFPropertyList (>= 2.3.3, < 4.0)
      atomos (~> 0.1.3)
      claide (>= 1.0.2, < 2.0)
      colored2 (~> 3.1)
      nanaimo (~> 0.3.0)
      rexml (~> 3.2.4)
    yaml-vfs (0.0.5)
      claide (>= 1.0.2, < 2.0)
      colored2 (~> 3.1)

PLATFORMS
  ruby

DEPENDENCIES
  bundler (>= 2.1)
  claide
  cocoapods-mapfile!
  coveralls
  debase
  hashtable (>= 0.1.2)
  rake (>= 10.0)
  rspec (>= 3.0)
  ruby-debug-ide
  xcodeproj
  yaml-vfs (>= 0.0.4)

BUNDLED WITH
   2.1.4
