PATH
  remote: .
  specs:
    cocoapods-mapfile (0.2.3)
      claide (>= 1.0.2, < 2.0)
      xcodeproj (>= 1.19.0, < 2.0)
      yaml-vfs (>= 0.0.4)

GEM
  remote: https://rubygems.org/
  specs:
    CFPropertyList (3.0.4)
      rexml
    activesupport (6.1.4.1)
      concurrent-ruby (~> 1.0, >= 1.0.2)
      i18n (>= 1.6, < 2)
      minitest (>= 5.1)
      tzinfo (~> 2.0)
      zeitwerk (~> 2.3)
    addressable (2.8.0)
      public_suffix (>= 2.0.2, < 5.0)
    algoliasearch (1.27.5)
      httpclient (~> 2.8, >= 2.8.3)
      json (>= 1.5.1)
    atomos (0.1.3)
    claide (1.0.3)
    cocoapods (1.11.2)
      addressable (~> 2.8)
      claide (>= 1.0.2, < 2.0)
      cocoapods-core (= 1.11.2)
      cocoapods-deintegrate (>= 1.0.3, < 2.0)
      cocoapods-downloader (>= 1.4.0, < 2.0)
      cocoapods-plugins (>= 1.0.0, < 2.0)
      cocoapods-search (>= 1.0.0, < 2.0)
      cocoapods-trunk (>= 1.4.0, < 2.0)
      cocoapods-try (>= 1.1.0, < 2.0)
      colored2 (~> 3.1)
      escape (~> 0.0.4)
      fourflusher (>= 2.3.0, < 3.0)
      gh_inspector (~> 1.0)
      molinillo (~> 0.8.0)
      nap (~> 1.0)
      ruby-macho (>= 1.0, < 3.0)
      xcodeproj (>= 1.21.0, < 2.0)
    cocoapods-core (1.11.2)
      activesupport (>= 5.0, < 7)
      addressable (~> 2.8)
      algoliasearch (~> 1.0)
      concurrent-ruby (~> 1.1)
      fuzzy_match (~> 2.0.4)
      nap (~> 1.0)
      netrc (~> 0.11)
      public_suffix (~> 4.0)
      typhoeus (~> 1.0)
    cocoapods-deintegrate (1.0.5)
    cocoapods-downloader (1.5.1)
    cocoapods-plugins (1.0.0)
      nap
    cocoapods-search (1.0.1)
    cocoapods-trunk (1.6.0)
      nap (>= 0.8, < 2.0)
      netrc (~> 0.11)
    cocoapods-try (1.2.0)
    colored2 (3.1.2)
    concurrent-ruby (1.1.9)
    coveralls (0.8.23)
      json (>= 1.8, < 3)
      simplecov (~> 0.16.1)
      term-ansicolor (~> 1.3)
      thor (>= 0.19.4, < 2.0)
      tins (~> 1.6)
    debase (0.2.4.1)
      debase-ruby_core_source (>= 0.10.2)
    debase-ruby_core_source (0.10.12)
    diff-lcs (1.4.4)
    docile (1.4.0)
    escape (0.0.4)
    ethon (0.15.0)
      ffi (>= 1.15.0)
    ffi (1.15.4)
    fourflusher (2.3.1)
    fuzzy_match (2.0.4)
    gh_inspector (1.1.3)
    httpclient (2.8.3)
    i18n (1.8.11)
      concurrent-ruby (~> 1.0)
    json (2.6.0)
    minitest (5.14.4)
    molinillo (0.8.0)
    nanaimo (0.3.0)
    nap (1.1.0)
    netrc (0.11.0)
    public_suffix (4.0.6)
    rake (13.0.6)
    rexml (3.2.5)
    rspec (3.10.0)
      rspec-core (~> 3.10.0)
      rspec-expectations (~> 3.10.0)
      rspec-mocks (~> 3.10.0)
    rspec-core (3.10.1)
      rspec-support (~> 3.10.0)
    rspec-expectations (3.10.1)
      diff-lcs (>= 1.2.0, < 2.0)
      rspec-support (~> 3.10.0)
    rspec-mocks (3.10.2)
      diff-lcs (>= 1.2.0, < 2.0)
      rspec-support (~> 3.10.0)
    rspec-support (3.10.2)
    ruby-debug-ide (0.7.3)
      rake (>= 0.8.1)
    ruby-macho (2.5.1)
    simplecov (0.16.1)
      docile (~> 1.1)
      json (>= 1.8, < 3)
      simplecov-html (~> 0.10.0)
    simplecov-html (0.10.2)
    sync (0.5.0)
    term-ansicolor (1.7.1)
      tins (~> 1.0)
    thor (1.1.0)
    tins (1.29.1)
      sync
    typhoeus (1.4.0)
      ethon (>= 0.9.0)
    tzinfo (2.0.4)
      concurrent-ruby (~> 1.0)
    xcodeproj (1.21.0)
      CFPropertyList (>= 2.3.3, < 4.0)
      atomos (~> 0.1.3)
      claide (>= 1.0.2, < 2.0)
      colored2 (~> 3.1)
      nanaimo (~> 0.3.0)
      rexml (~> 3.2.4)
    yaml-vfs (0.0.4)
      claide (>= 1.0.2, < 2.0)
      colored2 (~> 3.1)
    zeitwerk (2.5.1)

PLATFORMS
  ruby

DEPENDENCIES
  bundler (>= 2.1)
  claide
  cocoapods
  cocoapods-mapfile!
  coveralls
  debase
  rake (>= 10.0)
  rspec (>= 3.0)
  ruby-debug-ide
  xcodeproj
  yaml-vfs (>= 0.0.4)

BUNDLED WITH
   2.1.4
